PATH
  remote: .
  specs:
    ttf2eot (1.0)

GEM
  remote: http://rubygems.org/
  specs:
    rake (0.9.2.2)
    rake-compiler (0.8.1)
      rake

PLATFORMS
  ruby

DEPENDENCIES
  rake-compiler
  ttf2eot!
